GEM
  remote: https://rubygems.org/
  specs:
    alfredo (0.1.3)
      nokogiri
    mini_portile2 (2.4.0)
    nokogiri (1.10.3)
      mini_portile2 (~> 2.4.0)

PLATFORMS
  ruby

DEPENDENCIES
  alfredo

BUNDLED WITH
   1.17.3
