GEM
  remote: https://rubygems.org/
  specs:
    alfredo (0.1.2)
      nokogiri
    mini_portile (0.6.2)
    nokogiri (1.6.6.2)
      mini_portile (~> 0.6.0)

PLATFORMS
  ruby

DEPENDENCIES
  alfredo
